GEM
  remote: https://rubygems.org/
  specs:
    mysql (2.9.1)
    pg (0.15.1)
    test-unit (2.5.5)

PLATFORMS
  ruby

DEPENDENCIES
  mysql
  pg
  test-unit
